GEM
  remote: https://rubygems.org/
  specs:
    CFPropertyList (2.2.8)
    coderay (1.1.0)
    colored (1.2)
    cri (2.5.0)
      colored (~> 1.2)
    deep_merge (1.0.1)
    diff-lcs (1.2.5)
    dotenv (0.11.1)
      dotenv-deployment (~> 0.0.2)
    dotenv-deployment (0.0.2)
    facter (2.2.0)
      CFPropertyList (~> 2.2.6)
    faraday (0.8.9)
      multipart-post (~> 1.2.0)
    faraday_middleware (0.9.1)
      faraday (>= 0.7.4, < 0.10)
    faraday_middleware-multi_json (0.0.6)
      faraday_middleware
      multi_json
    hiera (1.3.4)
      json_pure
    json_pure (1.8.1)
    log4r (1.1.10)
    method_source (0.8.2)
    multi_json (1.8.4)
    multipart-post (1.2.0)
    net-ssh (2.9.1)
    pry (0.10.1)
      coderay (~> 1.1.0)
      method_source (~> 0.8.1)
      slop (~> 3.4)
    puppet (3.7.3)
      facter (> 1.6, < 3)
      hiera (~> 1.0)
      json_pure
    puppet-lint (0.3.2)
    r10k (1.3.5)
      colored (>= 1.2)
      cri (~> 2.5.0)
      faraday (~> 0.8.8)
      faraday_middleware (~> 0.9.0)
      faraday_middleware-multi_json (~> 0.0.5)
      json_pure (~> 1.8.1)
      log4r (>= 1.1.10)
      multi_json (~> 1.8.2)
      systemu (~> 2.5.2)
    rake (10.3.2)
    rspec (3.1.0)
      rspec-core (~> 3.1.0)
      rspec-expectations (~> 3.1.0)
      rspec-mocks (~> 3.1.0)
    rspec-core (3.1.7)
      rspec-support (~> 3.1.0)
    rspec-expectations (3.1.2)
      diff-lcs (>= 1.2.0, < 2.0)
      rspec-support (~> 3.1.0)
    rspec-mocks (3.1.3)
      rspec-support (~> 3.1.0)
    rspec-puppet (1.0.1)
      rspec
    rspec-support (3.1.2)
    slop (3.6.0)
    systemu (2.5.2)

PLATFORMS
  ruby

DEPENDENCIES
  deep_merge (~> 1.0.1)
  dotenv (~> 0.11.1)
  facter (~> 2.2.0)
  net-ssh (~> 2.9.1)
  pry (~> 0.10.1)
  puppet (~> 3.7.1)
  puppet-lint (~> 0.3.2)
  r10k (~> 1.3.5)
  rake (~> 10.3.2)
  rspec-puppet (~> 1.0.1)
